GEM
  remote: http://rubygems.org/
  specs:
    diff-lcs (1.2.5)
    jenkins-plugin-runtime (0.2.3)
      json
      slop (~> 3.0.2)
    jenkins-war (1.514)
    jpi (0.4.0)
      bundler
      jenkins-plugin-runtime (~> 0.2.3)
      jenkins-war (1.514)
      rubyzip (~> 1.1.7)
      thor
    json (1.8.2)
    json (1.8.2-java)
    rack (1.6.0)
    rack-protection (1.5.3)
      rack
    rake (10.4.2)
    rspec (3.2.0)
      rspec-core (~> 3.2.0)
      rspec-expectations (~> 3.2.0)
      rspec-mocks (~> 3.2.0)
    rspec-core (3.2.0)
      rspec-support (~> 3.2.0)
    rspec-expectations (3.2.0)
      diff-lcs (>= 1.2.0, < 2.0)
      rspec-support (~> 3.2.0)
    rspec-mocks (3.2.0)
      rspec-support (~> 3.2.0)
    rspec-support (3.2.0)
    rubyzip (1.1.7)
    sinatra (1.4.5)
      rack (~> 1.3, >= 1.3.6)
      rack-protection (~> 1.5)
      tilt (~> 1.3, >= 1.3.3)
    slop (3.0.4)
    thor (0.19.1)
    tilt (1.3.3)

PLATFORMS
  java
  ruby

DEPENDENCIES
  jenkins-plugin-runtime (~> 0.2.3)
  jpi (~> 0.4.0)
  rake
  rspec (>= 3.2.0)
  sinatra
